GEM
  remote: http://rubygems.org/
  specs:
    ruby-usb (0.1.3)

PLATFORMS
  ruby

DEPENDENCIES
  ruby-usb
